PATH
  remote: .
  specs:
    roda-rest_api (1.2)
      roda (~> 1.2)

GEM
  remote: https://rubygems.org/
  specs:
    minitest (5.5.0)
    rack (1.5.2)
    rake (10.4.2)
    roda (1.2.0)
      rack

PLATFORMS
  ruby

DEPENDENCIES
  minitest (~> 5.5)
  rake (~> 10)
  roda-rest_api!
