PATH
  remote: .
  specs:
    roda-rest_api (1.3)
      roda (~> 1.2)

GEM
  remote: https://rubygems.org/
  specs:
    minitest (5.5.0)
    rack (1.5.2)
    rack-test (0.6.2)
      rack (>= 1.0)
    rake (10.4.2)
    roda (1.2.0)
      rack

PLATFORMS
  ruby

DEPENDENCIES
  minitest (~> 5.5)
  rack-test (~> 0.6)
  rake (~> 10)
  roda-rest_api!
