GEM
  remote: https://rubygems.org/
  specs:
    minitest (4.7.5)
    rack (1.5.2)
    rake (10.1.0)
    roda (1.1.0)
      rack

PLATFORMS
  ruby

DEPENDENCIES
  minitest
  rake
  roda
